

GROUP Build
NUGET
  remote: https://nuget.org/api/v2
  specs:
    FAKE (4.8.0)

GROUP Test
NUGET
  remote: https://nuget.org/api/v2
  specs:
    NUnit (2.6.4)
    NUnit.Runners (2.6.4)
